GEM
  remote: https://rubygems.org/
  specs:
    c21e (1.1.9)
    cucumber-messages (2.1.2)
      google-protobuf (>= 3.2, <= 3.7)
    gherkin (6.0.17)
      c21e (~> 1.1.9)
      cucumber-messages (~> 2.1.2)
    google-protobuf (3.7.0)
    json (2.2.0)
    mustermann (1.0.3)
    rack (2.0.7)
    rack-protection (2.0.5)
      rack
    sinatra (2.0.5)
      mustermann (~> 1.0)
      rack (~> 2.0)
      rack-protection (= 2.0.5)
      tilt (~> 2.0)
    tilt (2.0.9)

PLATFORMS
  ruby

DEPENDENCIES
  gherkin!
  json!
  sinatra!

BUNDLED WITH
   1.17.1
